GEM
  remote: http://rubygems.org/
  specs:
    mysql2 (0.3.11)
    pg (0.14.1)

PLATFORMS
  ruby

DEPENDENCIES
  mysql2
  pg
